PATH
  remote: .
  specs:
    rubyXL-addressing (0.4.0)
      rubyXL (>= 3)

GEM
  remote: https://rubygems.org/
  specs:
    appraisal (2.2.0)
      bundler
      rake
      thor (>= 0.14.0)
    mini_portile2 (2.4.0)
    minitest (5.11.3)
    nokogiri (1.10.3)
      mini_portile2 (~> 2.4.0)
    rake (10.5.0)
    rubyXL (3.4.3)
      nokogiri (>= 1.4.4)
      rubyzip (>= 1.1.6)
    rubyzip (1.2.2)
    thor (0.20.3)

PLATFORMS
  ruby

DEPENDENCIES
  appraisal
  bundler (~> 1.11)
  minitest (~> 5.0)
  rake (~> 10.0)
  rubyXL-addressing!

BUNDLED WITH
   1.17.3
